GEM
  remote: https://rubygems.org/
  specs:
    actionmailer (4.2.0.beta4)
      actionpack (= 4.2.0.beta4)
      actionview (= 4.2.0.beta4)
      activejob (= 4.2.0.beta4)
      mail (~> 2.5, >= 2.5.4)
      rails-dom-testing (~> 1.0, >= 1.0.4)
    actionpack (4.2.0.beta4)
      actionview (= 4.2.0.beta4)
      activesupport (= 4.2.0.beta4)
      rack (~> 1.6.0.beta)
      rack-test (~> 0.6.2)
      rails-dom-testing (~> 1.0, >= 1.0.4)
      rails-html-sanitizer (~> 1.0, >= 1.0.1)
    actionview (4.2.0.beta4)
      activesupport (= 4.2.0.beta4)
      builder (~> 3.1)
      erubis (~> 2.7.0)
      rails-dom-testing (~> 1.0, >= 1.0.4)
      rails-html-sanitizer (~> 1.0, >= 1.0.1)
    activejob (4.2.0.beta4)
      activesupport (= 4.2.0.beta4)
      globalid (>= 0.3.0)
    activemodel (4.2.0.beta4)
      activesupport (= 4.2.0.beta4)
      builder (~> 3.1)
    activerecord (4.2.0.beta4)
      activemodel (= 4.2.0.beta4)
      activesupport (= 4.2.0.beta4)
      arel (>= 6.0.0.beta2, < 6.1)
    activesupport (4.2.0.beta4)
      i18n (>= 0.7.0.beta1, < 0.8)
      json (~> 1.7, >= 1.7.7)
      minitest (~> 5.1)
      thread_safe (~> 0.1)
      tzinfo (~> 1.1)
    angular-rails-templates (0.1.3)
      railties (>= 3.1)
      sprockets
      tilt
    arel (6.0.0.beta2)
    binding_of_caller (0.7.3.pre1)
      debug_inspector (>= 0.0.1)
    bower-rails (0.9.1)
    bson (2.3.0)
    builder (3.2.2)
    byebug (3.5.1)
      columnize (~> 0.8)
      debugger-linecache (~> 1.2)
      slop (~> 3.6)
    capistrano (3.2.1)
      i18n
      rake (>= 10.0.0)
      sshkit (~> 1.3)
    capistrano-bundler (1.1.3)
      capistrano (~> 3.1)
      sshkit (~> 1.2)
    capistrano-rails (1.1.2)
      capistrano (~> 3.1)
      capistrano-bundler (~> 1.1)
    capistrano-rbenv (2.0.2)
      capistrano (~> 3.1)
      sshkit (~> 1.3)
    capistrano3-puma (0.8.3)
      capistrano (~> 3.0)
      puma (>= 2.6)
    colorize (0.7.3)
    columnize (0.8.9)
    connection_pool (2.0.0)
    debug_inspector (0.0.2)
    debugger-linecache (1.2.0)
    erubis (2.7.0)
    execjs (2.2.2)
    faraday (0.9.0)
      multipart-post (>= 1.2, < 3)
    globalid (0.3.0)
      activesupport (>= 4.1.0)
    hashie (3.3.1)
    hike (1.2.3)
    i18n (0.7.0.beta1)
    jbuilder (2.2.4)
      activesupport (>= 3.0.0, < 5)
      multi_json (~> 1.2)
    json (1.8.1)
    jwt (1.0.0)
    loofah (2.0.1)
      nokogiri (>= 1.5.9)
    mail (2.6.3)
      mime-types (>= 1.16, < 3)
    mime-types (2.4.3)
    mini_portile (0.6.1)
    minitest (5.4.2)
    mongoid (4.0.0)
      activemodel (~> 4.0)
      moped (~> 2.0.0)
      origin (~> 2.1)
      tzinfo (>= 0.3.37)
    moped (2.0.1)
      bson (~> 2.2)
      connection_pool (~> 2.0)
      optionable (~> 0.2.0)
    multi_json (1.10.1)
    multi_xml (0.5.5)
    multipart-post (2.0.0)
    net-scp (1.2.1)
      net-ssh (>= 2.6.5)
    net-ssh (2.9.1)
    ngannotate-rails (0.12.1)
      execjs
      rails (>= 3.1)
    nokogiri (1.6.4.1)
      mini_portile (~> 0.6.0)
    oauth (0.4.7)
    oauth2 (1.0.0)
      faraday (>= 0.8, < 0.10)
      jwt (~> 1.0)
      multi_json (~> 1.3)
      multi_xml (~> 0.5)
      rack (~> 1.2)
    omniauth (1.2.2)
      hashie (>= 1.2, < 4)
      rack (~> 1.0)
    omniauth-oauth (1.0.1)
      oauth
      omniauth (~> 1.0)
    omniauth-oauth2 (1.2.0)
      faraday (>= 0.8, < 0.10)
      multi_json (~> 1.3)
      oauth2 (~> 1.0)
      omniauth (~> 1.2)
    omniauth-twitter (1.1.0)
      multi_json (~> 1.3)
      omniauth-oauth (~> 1.0)
    omniauth-vkontakte (1.3.3)
      multi_json
      omniauth (~> 1.0)
      omniauth-oauth2 (~> 1.1)
    optionable (0.2.0)
    origin (2.1.1)
    puma (2.10.2)
      rack (>= 1.1, < 2.0)
    quiet_assets (1.0.3)
      railties (>= 3.1, < 5.0)
    rack (1.6.0.beta)
    rack-test (0.6.2)
      rack (>= 1.0)
    rails (4.2.0.beta4)
      actionmailer (= 4.2.0.beta4)
      actionpack (= 4.2.0.beta4)
      actionview (= 4.2.0.beta4)
      activejob (= 4.2.0.beta4)
      activemodel (= 4.2.0.beta4)
      activerecord (= 4.2.0.beta4)
      activesupport (= 4.2.0.beta4)
      bundler (>= 1.3.0, < 2.0)
      railties (= 4.2.0.beta4)
      sprockets-rails (~> 3.0.0.beta1)
    rails-deprecated_sanitizer (1.0.3)
      activesupport (>= 4.2.0.alpha)
    rails-dom-testing (1.0.4)
      activesupport (>= 4.2.0.beta, < 5.0)
      nokogiri (~> 1.6.0)
      rails-deprecated_sanitizer (>= 1.0.1)
    rails-html-sanitizer (1.0.1)
      loofah (~> 2.0)
    railties (4.2.0.beta4)
      actionpack (= 4.2.0.beta4)
      activesupport (= 4.2.0.beta4)
      rake (>= 0.8.7)
      thor (>= 0.18.1, < 2.0)
    rake (10.3.2)
    rdoc (4.1.2)
      json (~> 1.4)
    sass (3.4.7)
    sass-rails (5.0.0.beta1)
      railties (>= 4.0.0, < 5.0)
      sass (~> 3.2)
      sprockets (~> 2.12)
      sprockets-rails (>= 2.0, < 4.0)
    sdoc (0.4.1)
      json (~> 1.7, >= 1.7.7)
      rdoc (~> 4.0)
    slop (3.6.0)
    spring (1.1.3)
    sprockets (2.12.3)
      hike (~> 1.2)
      multi_json (~> 1.0)
      rack (~> 1.0)
      tilt (~> 1.1, != 1.3.0)
    sprockets-rails (3.0.0.beta1)
      actionpack (>= 4.0)
      activesupport (>= 4.0)
      sprockets (~> 2.8)
    sshkit (1.5.1)
      colorize
      net-scp (>= 1.1.2)
      net-ssh (>= 2.8.0)
    thor (0.19.1)
    thread_safe (0.3.4)
    tilt (1.4.1)
    tzinfo (1.2.2)
      thread_safe (~> 0.1)
    uglifier (2.5.3)
      execjs (>= 0.3.0)
      json (>= 1.8.0)
    web-console (2.0.0.beta4)
      activemodel (~> 4.0)
      binding_of_caller (= 0.7.3.pre1)
      railties (~> 4.0)
      sprockets-rails (>= 2.0, < 4.0)

PLATFORMS
  ruby

DEPENDENCIES
  angular-rails-templates (= 0.1.3)
  bower-rails (= 0.9.1)
  byebug
  capistrano
  capistrano-bundler
  capistrano-rails
  capistrano-rbenv
  capistrano3-puma
  jbuilder (~> 2.0)
  mongoid (= 4.0.0)
  ngannotate-rails
  omniauth
  omniauth-twitter
  omniauth-vkontakte
  puma
  quiet_assets
  rails (= 4.2.0.beta4)
  sass-rails (~> 5.0.0.beta1)
  sdoc (~> 0.4.0)
  spring
  uglifier (>= 1.3.0)
  web-console (~> 2.0.0.beta4)
